PATH
  remote: .
  specs:
    festivals_lab (0.0.3)

GEM
  remote: http://rubygems.org/
  specs:
    addressable (2.3.5)
    ansi (1.4.3)
    builder (3.2.2)
    crack (0.4.1)
      safe_yaml (~> 0.9.0)
    hashie (2.0.5)
    minitest (4.7.5)
    minitest-reporters (0.14.20)
      ansi
      builder
      minitest (>= 2.12, < 5.0)
      powerbar
    powerbar (1.0.11)
      ansi (~> 1.4.0)
      hashie (>= 1.1.0)
    rake (10.0.2)
    safe_yaml (0.9.5)
    webmock (1.13.0)
      addressable (>= 2.2.7)
      crack (>= 0.3.2)

PLATFORMS
  ruby

DEPENDENCIES
  festivals_lab!
  minitest-reporters
  rake
  webmock
